GEM
  remote: https://rubygems.org/
  specs:
    actionmailer (2.3.14)
      actionpack (= 2.3.14)
    actionpack (2.3.14)
      activesupport (= 2.3.14)
      rack (~> 1.1.0)
    activerecord (2.3.14)
      activesupport (= 2.3.14)
    activeresource (2.3.14)
      activesupport (= 2.3.14)
    activesupport (2.3.14)
    builder (3.2.2)
    columnize (0.9.0)
    daemons (1.2.2)
    declarative_authorization (0.5.1)
    eventmachine (1.0.7)
    fastercsv (1.5.5)
    geokit (1.6.5)
      multi_json
    i18n (0.4.2)
    json (1.8.2)
    jwt (1.0.0)
    linecache (0.46)
      rbx-require-relative (> 0.0.4)
    mime-types (1.25.1)
    mina (0.3.4)
      open4 (~> 1.3.4)
      rake
    mina-multistage (1.0.1)
      mina (>= 0.2.1)
    multi_json (1.11.0)
    mysql (2.8.1)
    open4 (1.3.4)
    rack (1.1.6)
    rails (2.3.14)
      actionmailer (= 2.3.14)
      actionpack (= 2.3.14)
      activerecord (= 2.3.14)
      activeresource (= 2.3.14)
      activesupport (= 2.3.14)
      rake (>= 0.8.3)
    rake (0.8.7)
    rbx-require-relative (0.0.9)
    rdoc (4.2.0)
      json (~> 1.4)
    responds_to_parent (1.1.0)
    rest-client (1.6.8)
      mime-types (~> 1.16)
      rdoc (>= 2.4.2)
    ruby-debug (0.10.4)
      columnize (>= 0.1)
      ruby-debug-base (~> 0.10.4.0)
    ruby-debug-base (0.10.4)
      linecache (>= 0.3)
    rush (0.6.8)
      session
    session (3.2.0)
    thin (1.6.3)
      daemons (~> 1.0, >= 1.0.9)
      eventmachine (~> 1.0)
      rack (~> 1.0)
    twilio-ruby (3.12.0)
      builder (>= 2.1.2)
      jwt (~> 1.0.0)
      multi_json (>= 1.3.0)

PLATFORMS
  ruby

DEPENDENCIES
  declarative_authorization (= 0.5.1)
  fastercsv
  geokit (= 1.6.5)
  i18n (= 0.4.2)
  mina
  mina-multistage
  mysql (= 2.8.1)
  rails (= 2.3.14)
  rake (= 0.8.7)
  responds_to_parent
  rest-client (= 1.6.8)
  ruby-debug
  rush (= 0.6.8)
  thin
  twilio-ruby (= 3.12)
